GEM
  remote: https://rubygems.org/
  specs:
    addressable (2.3.8)
    anemone (0.7.2)
      nokogiri (>= 1.3.0)
      robotex (>= 1.0.0)
    archive-zip (0.12.0)
      io-like (~> 0.3.0)
    childprocess (3.0.0)
    chromedriver-helper (1.2.0)
      archive-zip (~> 0.10)
      nokogiri (~> 1.8)
    colored (1.2)
    ethon (0.8.0)
      ffi (>= 1.3.0)
    ffi (1.11.1)
    html-proofer (2.5.2)
      addressable (~> 2.3)
      colored (~> 1.2)
      mercenary (~> 0.3.2)
      nokogiri (~> 1.5)
      parallel (~> 1.3)
      typhoeus (~> 0.7)
      yell (~> 2.0)
    image_size (2.0.2)
    io-like (0.3.0)
    log4r (1.1.10)
    mercenary (0.3.5)
    mini_magick (4.9.5)
    mini_portile2 (2.3.0)
    nokogiri (1.8.2)
      mini_portile2 (~> 2.3.0)
    parallel (1.6.1)
    rake (10.4.2)
    robotex (1.0.0)
    rubyzip (2.0.0)
    selenium-webdriver (3.142.6)
      childprocess (>= 0.5, < 4.0)
      rubyzip (>= 1.2.2)
    thor (0.20.3)
    typhoeus (0.8.0)
      ethon (>= 0.8.0)
    wraith (4.2.4)
      anemone
      chromedriver-helper (~> 1.1)
      image_size
      log4r
      mini_magick (~> 4.8)
      parallel
      rake
      robotex
      selenium-webdriver (~> 3.5)
      thor
    yell (2.0.5)

PLATFORMS
  ruby

DEPENDENCIES
  bundler
  html-proofer
  rake
  wraith

BUNDLED WITH
   1.16.0
